GEM
  remote: http://rubygems.org/
  remote: https://rubygems.org/
  remote: http://rubygems.org/
  remote: http://gemcutter.org/
  specs:
    activesupport (3.2.9)
      i18n (~> 0.6)
      multi_json (~> 1.0)
    colored (1.2)
    diff-lcs (1.1.3)
    finder (0.4.0)
    i18n (0.6.1)
    jbuilder (0.9.1)
      activesupport (>= 3.0.0)
    multi_json (1.5.0)
    rack (1.4.1)
    rack-protection (1.3.2)
      rack
    rc (0.1.1)
      finder
    rspec (2.12.0)
      rspec-core (~> 2.12.0)
      rspec-expectations (~> 2.12.0)
      rspec-mocks (~> 2.12.0)
    rspec-core (2.12.2)
    rspec-expectations (2.12.1)
      diff-lcs (~> 1.1.3)
    rspec-mocks (2.12.1)
    ruby_parser (3.1.1)
      sexp_processor (~> 4.1)
    sexp_processor (4.1.3)
    sinatra (1.3.3)
      rack (~> 1.3, >= 1.3.6)
      rack-protection (~> 1.2)
      tilt (~> 1.3, >= 1.3.3)
    tilt (1.3.3)
    tomdoc (0.2.5)
      colored
      ruby_parser (>= 2.0.4)
    tomparse (0.2.1)
    yard (0.8.3)
    yard-tomdoc (0.5.0)
      rc
      tomparse
      yard

PLATFORMS
  ruby

DEPENDENCIES
  jbuilder
  rspec
  sinatra
  tomdoc
  yard
  yard-tomdoc
